GEM
  remote: https://rubygems.org/
  specs:
    coderay (1.1.0)
    columnize (0.9.0)
    debugger (1.6.8)
      columnize (>= 0.3.1)
      debugger-linecache (~> 1.2.0)
      debugger-ruby_core_source (~> 1.3.5)
    debugger-linecache (1.2.0)
    debugger-ruby_core_source (1.3.7)
    diskcached (1.1.0)
    geokit (1.9.0)
      multi_json (>= 1.3.2)
    httpi (1.1.1)
      rack
    method_source (0.8.2)
    multi_json (1.10.1)
    pg (0.17.1)
    pry (0.10.1)
      coderay (~> 1.1.0)
      method_source (~> 0.8.1)
      slop (~> 3.4)
    pry-debugger (0.2.3)
      debugger (~> 1.3)
      pry (>= 0.9.10, < 0.11.0)
    rack (1.6.0)
    sequel (3.48.0)
    similar_text (0.0.4)
    slop (3.6.0)

PLATFORMS
  ruby

DEPENDENCIES
  diskcached
  geokit
  httpi (~> 1.1.0)
  pg
  pry-debugger
  sequel (~> 3.48.0)
  similar_text (~> 0.0.4)
